GEM
  remote: http://rubygems.org/
  specs:
    powder (0.1.6)
      thor (>= 0.11.5)
    thor (0.14.6)

PLATFORMS
  ruby

DEPENDENCIES
  powder
